GEM
  remote: http://rubygems.org/
  specs:
    haml (4.0.7)
      tilt
    jruby-jars (1.7.24)
    jruby-rack (1.1.20)
    kramdown (1.10.0)
    maruku (0.7.2)
    minitest (5.8.4)
    rack (1.5.5)
    rake (11.1.1)
    rubyzip (1.1.7)
    tilt (2.0.2)
    warbler (1.4.9)
      jruby-jars (>= 1.5.6, < 2.0)
      jruby-rack (>= 1.1.1, < 1.3)
      rake (>= 0.9.6)
      rubyzip (>= 0.9, < 1.2)
    yard (0.8.7.6)

PLATFORMS
  ruby

DEPENDENCIES
  haml
  jruby-jars
  jruby-rack (= 1.1.20)
  kramdown
  maruku
  minitest
  rack (~> 1.5.2)
  rake
  warbler (>= 1.3)
  yard

BUNDLED WITH
   1.11.2
